PATH
  remote: .
  specs:
    rulers (0.1.2)
      erubis (~> 2.7.0)
      multi_json (= 1.15.0)
      rack (~> 2.2.4)

GEM
  remote: https://rubygems.org/
  specs:
    erubis (2.7.0)
    minitest (5.16.1)
    multi_json (1.15.0)
    rack (2.2.4)
    rack-test (2.0.2)
      rack (>= 1.3)
    rake (13.0.6)

PLATFORMS
  x86_64-darwin-21

DEPENDENCIES
  minitest (~> 5.0)
  rack-test (~> 2.0.2)
  rake (~> 13.0)
  rulers!

BUNDLED WITH
   2.3.7
